GEM
  remote: https://rubygems.org/
  specs:
    coderay (1.1.2)
    concurrent-ruby (1.1.4)
    countries (3.0.0)
      i18n_data (~> 0.8.0)
      sixarm_ruby_unaccent (~> 1.1)
      unicode_utils (~> 1.4)
    eu_central_bank (1.4.0)
      money (~> 6.13)
      nokogiri (~> 1.8.1)
    i18n (1.2.0)
      concurrent-ruby (~> 1.0)
    i18n_data (0.8.0)
    method_source (0.9.2)
    mini_portile2 (2.3.0)
    money (6.13.1)
      i18n (>= 0.6.4, <= 2)
    nokogiri (1.8.5)
      mini_portile2 (~> 2.3.0)
    pry (0.12.2)
      coderay (~> 1.1.0)
      method_source (~> 0.9.0)
    sixarm_ruby_unaccent (1.2.0)
    sqlite3 (1.3.13)
    unicode_utils (1.4.0)

PLATFORMS
  ruby

DEPENDENCIES
  countries (~> 3.0)
  eu_central_bank
  money
  pry
  sqlite3 (~> 1.3, >= 1.3.13)

BUNDLED WITH
   1.17.2
