GEM
  remote: https://rubygems.org/
  specs:
    coderay (1.1.2)
    concurrent-ruby (1.1.4)
    eu_central_bank (1.4.0)
      money (~> 6.13)
      nokogiri (~> 1.8.1)
    i18n (1.2.0)
      concurrent-ruby (~> 1.0)
    method_source (0.9.2)
    mini_portile2 (2.3.0)
    money (6.13.1)
      i18n (>= 0.6.4, <= 2)
    nokogiri (1.8.5)
      mini_portile2 (~> 2.3.0)
    pg (1.1.3)
    pry (0.12.2)
      coderay (~> 1.1.0)
      method_source (~> 0.9.0)

PLATFORMS
  ruby

DEPENDENCIES
  eu_central_bank
  money
  pg (~> 1.1, >= 1.1.3)
  pry

BUNDLED WITH
   1.17.2
